GEM
  remote: https://rubygems.org/
  specs:
    pg (0.18.2)
    rack (1.5.2)
    rack-protection (1.5.0)
      rack
    sequel (4.25.0)
    sinatra (1.4.2)
      rack (~> 1.5, >= 1.5.2)
      rack-protection (~> 1.4)
      tilt (~> 1.3, >= 1.3.4)
    sinatra-sequel (0.9.0)
      sequel (>= 3.2.0)
      sinatra (>= 0.9.4)
    sqlite3 (1.3.10)
    tilt (1.4.1)

PLATFORMS
  ruby

DEPENDENCIES
  pg
  sequel
  sinatra
  sinatra-sequel
  sqlite3

BUNDLED WITH
   1.10.6
